GEM
  remote: https://rubygems.org/
  specs:
    metaclass (0.0.4)
    minitest (5.3.5)
    mocha (1.1.0)
      metaclass (~> 0.0.1)
    rack (1.5.2)
    rack-protection (1.5.3)
      rack
    rake (10.3.2)
    sinatra (1.4.5)
      rack (~> 1.4)
      rack-protection (~> 1.4)
      tilt (~> 1.3, >= 1.3.4)
    tilt (1.4.1)

PLATFORMS
  ruby

DEPENDENCIES
  minitest (~> 5.3.5)
  mocha
  rake
  sinatra
