GEM
  remote: https://rubygems.org/
  specs:
    ansi (1.4.3)
    metaclass (0.0.4)
    minitest (5.3.5)
    mocha (1.1.0)
      metaclass (~> 0.0.1)
    rake (10.3.2)
    turn (0.9.6)
      ansi

PLATFORMS
  ruby

DEPENDENCIES
  minitest (~> 5.3.5)
  mocha
  rake
  turn
